GEM
  remote: https://rubygems.org/
  specs:
    org-ruby (0.9.12)
      rubypants (~> 0.2)
    rubypants (0.7.0)
    rubyzip (1.2.1)
    trackler (2.2.1.130)
      org-ruby (~> 0.9.0)
      rubyzip (~> 1.1)

PLATFORMS
  ruby

DEPENDENCIES
  trackler

BUNDLED WITH
   1.16.0
